GIT
  remote: git://github.com/canadaduane/representable.git
  revision: 847cba84e6eda2bd24d4bae102588ba4a1b79726
  specs:
    representable (1.7.1)
      multi_json
      nokogiri

PATH
  remote: .
  specs:
    openagent (0.6.0)
      roxml
      uuid
      virtus (~> 1.0.0)

GEM
  remote: http://rubygems.org/
  specs:
    activesupport (4.0.1)
      i18n (~> 0.6, >= 0.6.4)
      minitest (~> 4.2)
      multi_json (~> 1.3)
      thread_safe (~> 0.1)
      tzinfo (~> 0.3.37)
    addressable (2.3.5)
    atomic (1.1.14)
    axiom-types (0.0.5)
      descendants_tracker (~> 0.0.1)
      ice_nine (~> 0.9)
    backports (3.3.5)
    coderay (1.0.9)
    coercible (0.2.0)
      backports (~> 3.0, >= 3.1.0)
      descendants_tracker (~> 0.0.1)
    columnize (0.3.6)
    crack (0.4.1)
      safe_yaml (~> 0.9.0)
    debugger (1.6.2)
      columnize (>= 0.3.1)
      debugger-linecache (~> 1.2.0)
      debugger-ruby_core_source (~> 1.2.3)
    debugger-linecache (1.2.0)
    debugger-ruby_core_source (1.2.3)
    descendants_tracker (0.0.3)
    diff-lcs (1.2.4)
    equalizer (0.0.7)
    i18n (0.6.5)
    ice_nine (0.10.0)
    macaddr (1.6.1)
      systemu (~> 2.5.0)
    method_source (0.8.2)
    mini_portile (0.5.2)
    minitest (4.7.5)
    multi_json (1.8.2)
    nokogiri (1.6.0)
      mini_portile (~> 0.5.0)
    pry (0.9.12.2)
      coderay (~> 1.0.5)
      method_source (~> 0.8)
      slop (~> 3.4)
    rake (10.1.0)
    roxml (3.3.1)
      activesupport (>= 2.3.0)
      nokogiri (>= 1.3.3)
    rspec (2.14.1)
      rspec-core (~> 2.14.0)
      rspec-expectations (~> 2.14.0)
      rspec-mocks (~> 2.14.0)
    rspec-core (2.14.6)
    rspec-expectations (2.14.3)
      diff-lcs (>= 1.1.3, < 2.0)
    rspec-mocks (2.14.4)
    safe_yaml (0.9.4)
    slop (3.4.6)
    systemu (2.5.2)
    thread_safe (0.1.3)
      atomic
    tzinfo (0.3.38)
    uuid (2.3.7)
      macaddr (~> 1.0)
    virtus (1.0.0)
      axiom-types (~> 0.0.5)
      coercible (~> 0.2)
      descendants_tracker (~> 0.0.1)
      equalizer (~> 0.0.7)
    webmock (1.13.0)
      addressable (>= 2.2.7)
      crack (>= 0.3.2)

PLATFORMS
  ruby

DEPENDENCIES
  bundler (>= 1.0.0)
  debugger
  openagent!
  pry
  rake
  representable!
  rspec (~> 2.6)
  webmock
